GIT
  remote: git://github.com/schneems/derailed_benchmarks.git
  revision: 36fd32239808ec31f1a08dc1ad28a9c6ee573647
  specs:
    derailed_benchmarks (0.0.0)
      benchmark-ips (~> 2)
      get_process_mem (~> 0)
      memory_profiler (~> 0)
      rack (~> 1)
      rake (~> 10.4)

GEM
  remote: https://ruby.taobao.org/
  specs:
    actionmailer (4.2.1)
      actionpack (= 4.2.1)
      actionview (= 4.2.1)
      activejob (= 4.2.1)
      mail (~> 2.5, >= 2.5.4)
      rails-dom-testing (~> 1.0, >= 1.0.5)
    actionpack (4.2.1)
      actionview (= 4.2.1)
      activesupport (= 4.2.1)
      rack (~> 1.6)
      rack-test (~> 0.6.2)
      rails-dom-testing (~> 1.0, >= 1.0.5)
      rails-html-sanitizer (~> 1.0, >= 1.0.1)
    actionpack-action_caching (1.1.1)
      actionpack (>= 4.0.0, < 5.0)
    actionview (4.2.1)
      activesupport (= 4.2.1)
      builder (~> 3.1)
      erubis (~> 2.7.0)
      rails-dom-testing (~> 1.0, >= 1.0.5)
      rails-html-sanitizer (~> 1.0, >= 1.0.1)
    activejob (4.2.1)
      activesupport (= 4.2.1)
      globalid (>= 0.3.0)
    activemodel (4.2.1)
      activesupport (= 4.2.1)
      builder (~> 3.1)
    activerecord (4.2.1)
      activemodel (= 4.2.1)
      activesupport (= 4.2.1)
      arel (~> 6.0)
    activesupport (4.2.1)
      i18n (~> 0.7)
      json (~> 1.7, >= 1.7.7)
      minitest (~> 5.1)
      thread_safe (~> 0.3, >= 0.3.4)
      tzinfo (~> 1.1)
    addressable (2.3.6)
    api_taster (0.6.0)
      bootstrap-sass (~> 2.1)
      jquery-rails
      rails (>= 3.1.0)
      redcarpet
      remotipart (~> 1.0)
      sass-rails
    arel (6.0.0)
    auto-space (0.0.4)
      activesupport (> 3.0.0)
    axiom-types (0.1.1)
      descendants_tracker (~> 0.0.4)
      ice_nine (~> 0.11.0)
      thread_safe (~> 0.3, >= 0.3.1)
    bcrypt (3.1.9)
    benchmark-ips (2.1.1)
    bootstrap-sass (2.3.2.2)
      sass (~> 3.2)
    bson (2.3.0)
    builder (3.2.2)
    cancancan (1.8.4)
    capistrano (2.9.0)
      highline
      net-scp (>= 1.0.0)
      net-sftp (>= 2.0.0)
      net-ssh (>= 2.0.14)
      net-ssh-gateway (>= 1.1.0)
    capistrano-sidekiq (0.4.0)
      capistrano
      sidekiq
    capybara (2.3.0)
      mime-types (>= 1.16)
      nokogiri (>= 1.3.3)
      rack (>= 1.0.0)
      rack-test (>= 0.5.4)
      xpath (~> 2.0)
    carrierwave (0.10.0)
      activemodel (>= 3.2.0)
      activesupport (>= 3.2.0)
      json (>= 1.7)
      mime-types (>= 1.16)
    carrierwave-upyun (0.1.8)
      carrierwave (>= 0.5.7)
      rest-client (>= 1.6.7)
    celluloid (0.16.0)
      timers (~> 4.0.0)
    coercible (1.0.0)
      descendants_tracker (~> 0.0.1)
    coffee-rails (4.1.0)
      coffee-script (>= 2.2.0)
      railties (>= 4.0.0, < 5.0)
    coffee-script (2.3.0)
      coffee-script-source
      execjs
    coffee-script-source (1.9.1)
    colorize (0.7.5)
    connection_pool (2.2.0)
    dalli (2.7.1)
    database_cleaner (1.3.0)
    descendants_tracker (0.0.4)
      thread_safe (~> 0.3, >= 0.3.1)
    devise (3.4.0)
      bcrypt (~> 3.0)
      orm_adapter (~> 0.1)
      railties (>= 3.2.6, < 5)
      responders
      thread_safe (~> 0.1)
      warden (~> 1.2.3)
    devise-encryptable (0.1.2)
      devise (>= 2.1.0)
    diff-lcs (1.2.5)
    equalizer (0.0.9)
    erubis (2.7.0)
    eventmachine (1.0.4)
    exception_notification (4.0.1)
      actionmailer (>= 3.0.4)
      activesupport (>= 3.0.4)
    execjs (2.4.0)
    factory_girl (2.3.2)
      activesupport
    factory_girl_rails (1.4.0)
      factory_girl (~> 2.3.0)
      railties (>= 3.0.0)
    faraday (0.9.0)
      multipart-post (>= 1.2, < 3)
    get_process_mem (0.2.0)
    globalid (0.3.5)
      activesupport (>= 4.1.0)
    god (0.13.4)
    grape (0.7.0)
      activesupport
      builder
      hashie (>= 1.2.0)
      multi_json (>= 1.3.2)
      multi_xml (>= 0.5.2)
      rack (>= 1.3.0)
      rack-accept
      rack-mount
      virtus (>= 1.0.0)
    grape-entity (0.4.4)
      activesupport
      multi_json (>= 1.3.2)
    hashie (3.4.1)
    highline (1.6.21)
    hiredis (0.6.0)
    hitimes (1.2.2)
    httpauth (0.2.1)
    i18n (0.7.0)
    ice_nine (0.11.0)
    jasmine-core (2.0.2)
    jasmine-rails (0.10.2)
      jasmine-core (>= 1.3, < 3.0)
      phantomjs
      railties (>= 3.1.0)
      sprockets-rails
    jbuilder (2.1.3)
      activesupport (>= 3.0.0, < 5)
      multi_json (~> 1.2)
    jquery-rails (4.0.2)
      rails-dom-testing (~> 1.0)
      railties (>= 4.2.0)
      thor (>= 0.14, < 2.0)
    json (1.8.2)
    jwt (0.1.13)
      multi_json (>= 1.5)
    kgio (2.9.3)
    launchy (2.4.2)
      addressable (~> 2.3)
    letter_opener (1.2.0)
      launchy (~> 2.2)
    loofah (2.0.1)
      nokogiri (>= 1.5.9)
    mail (2.6.3)
      mime-types (>= 1.16, < 3)
    md_emoji (1.0.2)
      railties (>= 3.1.0)
      redcarpet (>= 2.0)
    memory_profiler (0.9.0)
    message_bus (1.0.9)
      eventmachine
      rack (>= 1.1.3)
      redis
    mime-types (2.4.3)
    mini_magick (3.7.0)
      subexec (~> 0.2.1)
    mini_portile (0.6.2)
    minitest (5.6.0)
    mongoid (4.0.2)
      activemodel (~> 4.0)
      moped (~> 2.0.0)
      origin (~> 2.1)
      tzinfo (>= 0.3.37)
    mongoid-rails (4.0.0)
      mongoid (~> 4.0)
    mongoid_auto_increment_id (0.6.4)
      mongoid (>= 3.1.0, < 4.1.0)
    mongoid_colored_logger (0.2.4)
      mongoid
    mongoid_rails_migrations (1.0.0)
      activesupport (>= 3.2.0)
      bundler (>= 1.0.0)
      rails (>= 3.2.0)
      railties (>= 3.2.0)
    moped (2.0.4)
      bson (~> 2.2)
      connection_pool (~> 2.0)
      optionable (~> 0.2.0)
    multi_json (1.11.0)
    multi_xml (0.5.5)
    multipart-post (2.0.0)
    net-scp (1.2.1)
      net-ssh (>= 2.6.5)
    net-sftp (2.1.2)
      net-ssh (>= 2.6.5)
    net-ssh (2.9.1)
    net-ssh-gateway (1.2.0)
      net-ssh (>= 2.6.5)
    netrc (0.7.7)
    newrelic_moped (0.0.11)
      moped
      newrelic_rpm (~> 3.0, >= 3.7)
    newrelic_rpm (3.11.2.286)
    nokogiri (1.6.5)
      mini_portile (~> 0.6.0)
    oauth2 (0.8.1)
      faraday (~> 0.8)
      httpauth (~> 0.1)
      jwt (~> 0.1.4)
      multi_json (~> 1.0)
      rack (~> 1.2)
    omniauth (1.2.2)
      hashie (>= 1.2, < 4)
      rack (~> 1.0)
    omniauth-github (1.1.2)
      omniauth (~> 1.0)
      omniauth-oauth2 (~> 1.1)
    omniauth-oauth2 (1.1.1)
      oauth2 (~> 0.8.0)
      omniauth (~> 1.0)
    optionable (0.2.0)
    origin (2.1.1)
    orm_adapter (0.5.0)
    phantomjs (1.9.7.1)
    postmark (0.9.15)
      json
      rake
    postmark-rails (0.4.1)
      actionmailer
      postmark (>= 0.9.0)
      rake
    puma (2.11.2)
      rack (>= 1.1, < 2.0)
    rack (1.6.0)
    rack-accept (0.4.5)
      rack (>= 0.4)
    rack-cors (0.2.9)
    rack-mini-profiler (0.9.3)
      rack (>= 1.1.3)
    rack-mount (0.8.3)
      rack (>= 1.0.0)
    rack-protection (1.5.3)
      rack
    rack-test (0.6.3)
      rack (>= 1.0)
    rack-utf8_sanitizer (1.2.2)
      rack (~> 1.0)
    rails (4.2.1)
      actionmailer (= 4.2.1)
      actionpack (= 4.2.1)
      actionview (= 4.2.1)
      activejob (= 4.2.1)
      activemodel (= 4.2.1)
      activerecord (= 4.2.1)
      activesupport (= 4.2.1)
      bundler (>= 1.3.0, < 2.0)
      railties (= 4.2.1)
      sprockets-rails
    rails-deprecated_sanitizer (1.0.3)
      activesupport (>= 4.2.0.alpha)
    rails-dom-testing (1.0.6)
      activesupport (>= 4.2.0.beta, < 5.0)
      nokogiri (~> 1.6.0)
      rails-deprecated_sanitizer (>= 1.0.1)
    rails-html-sanitizer (1.0.2)
      loofah (~> 2.0)
    rails-i18n (4.0.3)
      i18n (~> 0.6)
      railties (~> 4.0)
    rails-perftest (0.0.5)
    rails_autolink (1.1.6)
      rails (> 3.1)
    railties (4.2.1)
      actionpack (= 4.2.1)
      activesupport (= 4.2.1)
      rake (>= 0.8.7)
      thor (>= 0.18.1, < 2.0)
    rake (10.4.2)
    redcarpet (3.2.3)
    redis (3.2.1)
    redis-namespace (1.5.2)
      redis (~> 3.0, >= 3.0.4)
    redis-objects (1.1.0)
      redis (>= 3.0.2)
    remotipart (1.2.1)
    responders (2.0.1)
      railties (>= 4.2.0.alpha, < 5)
    rest-client (1.7.2)
      mime-types (>= 1.16, < 3.0)
      netrc (~> 0.7)
    rouge (1.8.0)
    rspec-core (3.1.7)
      rspec-support (~> 3.1.0)
    rspec-expectations (3.1.2)
      diff-lcs (>= 1.2.0, < 2.0)
      rspec-support (~> 3.1.0)
    rspec-mocks (3.1.3)
      rspec-support (~> 3.1.0)
    rspec-rails (3.1.0)
      actionpack (>= 3.0)
      activesupport (>= 3.0)
      railties (>= 3.0)
      rspec-core (~> 3.1.0)
      rspec-expectations (~> 3.1.0)
      rspec-mocks (~> 3.1.0)
      rspec-support (~> 3.1.0)
    rspec-support (3.1.2)
    ruby-prof (0.15.2)
    rvm-capistrano (1.4.1)
      capistrano (>= 2.0.0)
    sass (3.4.13)
    sass-rails (5.0.3)
      railties (>= 4.0.0, < 5.0)
      sass (~> 3.1)
      sprockets (>= 2.8, < 4.0)
      sprockets-rails (>= 2.0, < 4.0)
      tilt (~> 1.1)
    settingslogic (2.0.9)
    sidekiq (3.3.4)
      celluloid (>= 0.16.0)
      connection_pool (>= 2.1.1)
      json
      redis (>= 3.0.6)
      redis-namespace (>= 1.3.1)
    simple_form (3.1.0)
      actionpack (~> 4.0)
      activemodel (~> 4.0)
    sinatra (1.4.5)
      rack (~> 1.4)
      rack-protection (~> 1.4)
      tilt (~> 1.3, >= 1.3.4)
    social-share-button (0.1.5)
    sprockets (3.0.1)
      rack (~> 1.0)
    sprockets-rails (2.2.4)
      actionpack (>= 3.0)
      activesupport (>= 3.0)
      sprockets (>= 2.8, < 4.0)
    subexec (0.2.3)
    thor (0.19.1)
    thread_safe (0.3.5)
    tilt (1.4.1)
    timers (4.0.1)
      hitimes
    tzinfo (1.2.2)
      thread_safe (~> 0.1)
    uglifier (2.6.0)
      execjs (>= 0.3.0)
      json (>= 1.8.0)
    virtus (1.0.3)
      axiom-types (~> 0.1)
      coercible (~> 1.0)
      descendants_tracker (~> 0.0, >= 0.0.3)
      equalizer (~> 0.0, >= 0.0.9)
    warden (1.2.3)
      rack (>= 1.0)
    will_paginate (3.0.7)
    xpath (2.0.0)
      nokogiri (~> 1.3)

PLATFORMS
  ruby

DEPENDENCIES
  actionpack-action_caching (= 1.1.1)
  api_taster (= 0.6.0)
  auto-space (= 0.0.4)
  cancancan (~> 1.8.4)
  capistrano (= 2.9.0)
  capistrano-sidekiq
  capybara (~> 2.3.0)
  carrierwave (~> 0.10.0)
  carrierwave-upyun (= 0.1.8)
  coffee-rails
  colorize
  dalli (= 2.7.1)
  database_cleaner
  derailed_benchmarks!
  devise (~> 3.4.0)
  devise-encryptable (= 0.1.2)
  exception_notification
  factory_girl_rails (= 1.4.0)
  god
  grape (= 0.7.0)
  grape-entity (= 0.4.4)
  hiredis (~> 0.6.0)
  jasmine-rails (~> 0.10.2)
  jbuilder
  jquery-rails
  kgio
  letter_opener
  md_emoji (= 1.0.2)
  message_bus
  mini_magick (= 3.7.0)
  mongoid (= 4.0.2)
  mongoid-rails
  mongoid_auto_increment_id (= 0.6.4)
  mongoid_colored_logger
  mongoid_rails_migrations (= 1.0.0)
  newrelic_moped
  newrelic_rpm
  omniauth (~> 1.2.2)
  omniauth-github (~> 1.1.0)
  postmark (= 0.9.15)
  postmark-rails (= 0.4.1)
  puma
  rack-cors
  rack-mini-profiler
  rack-utf8_sanitizer
  rails (= 4.2.1)
  rails-i18n
  rails-perftest
  rails_autolink (>= 1.1.0)
  redcarpet (~> 3.2.3)
  redis (~> 3.2.1)
  redis-namespace (~> 1.5.1)
  redis-objects (= 1.1.0)
  rouge (~> 1.8.0)
  rspec-rails (~> 3.1)
  ruby-prof
  rvm-capistrano
  sass-rails
  settingslogic (~> 2.0.9)
  sidekiq (= 3.3.4)
  simple_form (= 3.1.0)
  sinatra (>= 1.3.0)
  social-share-button (= 0.1.5)
  uglifier
  will_paginate (= 3.0.7)
