GIT
  remote: git://github.com/huacnlee/mongoid_colored_logger.git
  revision: b6bf70abc264d9c093a78816334a969cab585946
  specs:
    mongoid_colored_logger (0.1.1)

GIT
  remote: git://github.com/intridea/grape.git
  revision: d24bd2f758544244ac65f19c69b94f0ffc34e71b
  branch: frontier
  specs:
    grape (0.1.5)
      hashie (~> 1.2)
      multi_json
      multi_xml
      rack
      rack-mount

GEM
  remote: http://ruby.taobao.org/
  specs:
    actionmailer (3.2.6)
      actionpack (= 3.2.6)
      mail (~> 2.4.4)
    actionpack (3.2.6)
      activemodel (= 3.2.6)
      activesupport (= 3.2.6)
      builder (~> 3.0.0)
      erubis (~> 2.7.0)
      journey (~> 1.0.1)
      rack (~> 1.4.0)
      rack-cache (~> 1.2)
      rack-test (~> 0.6.1)
      sprockets (~> 2.1.3)
    activemodel (3.2.6)
      activesupport (= 3.2.6)
      builder (~> 3.0.0)
    activerecord (3.2.6)
      activemodel (= 3.2.6)
      activesupport (= 3.2.6)
      arel (~> 3.0.2)
      tzinfo (~> 0.3.29)
    activeresource (3.2.6)
      activemodel (= 3.2.6)
      activesupport (= 3.2.6)
    activesupport (3.2.6)
      i18n (~> 0.6)
      multi_json (~> 1.0)
    addressable (2.2.6)
    anjlab-bootstrap-rails (2.0.3.2)
      railties (>= 3.0)
      sass
    api_taster (0.2.0)
      bootstrap-sass (~> 2.0.3)
      jquery-rails
      rails (>= 3.1.0)
      sass-rails
    arel (3.0.2)
    bcrypt-ruby (3.0.1)
    blankslate (2.1.2.4)
    bootstrap-sass (2.0.3.1)
    bootstrap-will_paginate (0.0.3)
      will_paginate
    bootstrap_helper (1.4.1)
      railties (~> 3.0)
      thor (~> 0.14)
    builder (3.0.0)
    cancan (1.6.7)
    capistrano (2.9.0)
      highline
      net-scp (>= 1.0.0)
      net-sftp (>= 2.0.0)
      net-ssh (>= 2.0.14)
      net-ssh-gateway (>= 1.1.0)
    capybara (1.1.2)
      mime-types (>= 1.16)
      nokogiri (>= 1.3.3)
      rack (>= 1.0.0)
      rack-test (>= 0.5.4)
      selenium-webdriver (~> 2.0)
      xpath (~> 0.1.4)
    carrierwave (0.6.2)
      activemodel (>= 3.2.0)
      activesupport (>= 3.2.0)
    carrierwave-upyun (0.1.5)
      carrierwave (>= 0.5.7)
      rest-client (>= 1.6.7)
    cells (3.7.1)
      actionpack (~> 3.0)
      railties (~> 3.0)
    celluloid (0.10.0)
    childprocess (0.3.1)
      ffi (~> 1.0.6)
    chunky_png (1.2.5)
    coffee-rails (3.2.2)
      coffee-script (>= 2.2.0)
      railties (~> 3.2.0)
    coffee-script (2.2.0)
      coffee-script-source
      execjs
    coffee-script-source (1.2.0)
    connection_pool (0.9.1)
    daemons (1.1.6)
    dalli (1.1.1)
    database_cleaner (0.8.0)
    devise (2.1.0)
      bcrypt-ruby (~> 3.0)
      orm_adapter (~> 0.0.7)
      railties (~> 3.1)
      warden (~> 1.1.1)
    devise-async (0.1.1)
      devise (>= 1.1)
    devise-encryptable (0.1.1)
      devise (>= 2.1.0.rc)
    diff-lcs (1.1.3)
    erubis (2.7.0)
    escape (0.0.4)
    eventmachine (0.12.10)
    exception_notification (2.6.1)
      actionmailer (>= 3.0.4)
    execjs (1.2.9)
      multi_json (~> 1.0)
    factory_girl (2.3.2)
      activesupport
    factory_girl_rails (1.4.0)
      factory_girl (~> 2.3.0)
      railties (>= 3.0.0)
    faraday (0.7.5)
      addressable (~> 2.2.6)
      multipart-post (~> 1.1.3)
      rack (>= 1.1.0, < 2)
    ffi (1.0.11)
    hashie (1.2.0)
    highline (1.6.8)
    hike (1.2.1)
    hoe (2.14.0)
      rake (~> 0.8)
    i18n (0.6.0)
    journey (1.0.3)
    jquery-atwho-rails (0.1.6)
    jquery-rails (2.0.1)
      railties (>= 3.2.0, < 5.0)
      thor (~> 0.14)
    json (1.7.3)
    kgio (2.6.0)
    mail (2.4.4)
      i18n (>= 0.4.0)
      mime-types (~> 1.16)
      treetop (~> 1.4.8)
    mash (0.1.1)
    md_emoji (0.0.6)
      rails (>= 3.1.0)
      redcarpet (>= 2.0)
    memcache-client (1.8.5)
    mime-types (1.18)
    mini_magick (3.3)
      subexec (~> 0.1.0)
    mongoid (3.0.0.rc)
      activemodel (~> 3.1)
      moped (~> 1.0.0.rc)
      origin (~> 1.0.0.rc)
      tzinfo (~> 0.3.22)
    mongoid_auto_increment_id (0.5.0)
      mongoid (~> 3.0.0.rc)
    mongoid_rails_migrations (0.0.14)
      activesupport (>= 3.0.0)
      bundler (>= 1.0.0)
      rails (>= 3.0.0)
      railties (>= 3.0.0)
    moped (1.0.0.rc)
    multi_json (1.0.4)
    multi_xml (0.4.1)
    multipart-post (1.1.4)
    net-scp (1.0.4)
      net-ssh (>= 1.99.1)
    net-sftp (2.0.5)
      net-ssh (>= 2.0.9)
    net-ssh (2.2.1)
    net-ssh-gateway (1.1.0)
      net-ssh (>= 1.99.1)
    nokogiri (1.5.2)
    oauth2 (0.5.1)
      faraday (~> 0.7.4)
      multi_json (~> 1.0.3)
    omniauth (1.0.1)
      hashie (~> 1.2)
      rack
    omniauth-github (1.0.0)
      omniauth (~> 1.0)
      omniauth-oauth2 (~> 1.0)
    omniauth-oauth2 (1.0.0)
      oauth2 (~> 0.5.0)
      omniauth (~> 1.0)
    origin (1.0.1)
    orm_adapter (0.0.7)
    polyglot (0.3.3)
    pr_geohash (1.0.0)
    pygments.rb (0.2.4)
      rubypython (~> 0.5.3)
    quiet_assets (1.0.1)
      railties (~> 3.1)
    rack (1.4.1)
    rack-cache (1.2)
      rack (>= 0.4)
    rack-mount (0.8.3)
      rack (>= 1.0.0)
    rack-ssl (1.3.2)
      rack
    rack-test (0.6.1)
      rack (>= 1.0)
    rails (3.2.6)
      actionmailer (= 3.2.6)
      actionpack (= 3.2.6)
      activerecord (= 3.2.6)
      activeresource (= 3.2.6)
      activesupport (= 3.2.6)
      bundler (~> 1.0)
      railties (= 3.2.6)
    rails-i18n (0.1.8)
      i18n (~> 0.5)
    rails_autolink (1.0.4)
      rails (>= 3.1.0)
    railties (3.2.6)
      actionpack (= 3.2.6)
      activesupport (= 3.2.6)
      rack-ssl (~> 1.3.2)
      rake (>= 0.8.7)
      rdoc (~> 3.4)
      thor (>= 0.14.6, < 2.0)
    raindrops (0.8.0)
    rake (0.9.2.2)
    rdoc (3.12)
      json (~> 1.4)
    redcarpet (2.0.0)
    redis (2.2.2)
    redis-namespace (1.0.3)
      redis (< 3.0.0)
    redis-objects (0.5.2)
      redis (>= 2.1.1)
    rest-client (1.6.7)
      mime-types (>= 1.16)
    rsolr (1.0.8)
      builder (>= 2.1.2)
    rspec (2.10.0)
      rspec-core (~> 2.10.0)
      rspec-expectations (~> 2.10.0)
      rspec-mocks (~> 2.10.0)
    rspec-cells (0.1.2)
      cells (~> 3.4)
      rails (~> 3.0)
      rspec-rails (~> 2.2)
    rspec-core (2.10.0)
    rspec-expectations (2.10.0)
      diff-lcs (~> 1.1.3)
    rspec-mocks (2.10.1)
    rspec-rails (2.10.1)
      actionpack (>= 3.0)
      activesupport (>= 3.0)
      railties (>= 3.0)
      rspec (~> 2.10.0)
    ruby-github (0.0.3)
      hoe (>= 1.5.1)
      json
      mash (>= 0.0.3)
    rubypython (0.5.3)
      blankslate (>= 2.1.2.3)
      ffi (~> 1.0.7)
    rubyzip (0.9.6.1)
    rvm-capistrano (1.2.2)
      capistrano (>= 2.0.0)
    sass (3.1.18)
    sass-rails (3.2.3)
      railties (~> 3.2.0.beta)
      sass (>= 3.1.10)
      tilt (~> 1.3)
    selenium-webdriver (2.19.0)
      childprocess (>= 0.2.5)
      ffi (~> 1.0.9)
      multi_json (~> 1.0.4)
      rubyzip
    settingslogic (2.0.6)
    sidekiq (1.1.0)
      celluloid (~> 0.10.0)
      connection_pool (~> 0.9.0)
      multi_json
      redis
      redis-namespace
    simple_form (2.0.2)
      actionpack (~> 3.0)
      activemodel (~> 3.0)
    social-share-button (0.0.3)
    sprite-factory (1.4.1)
    sprockets (2.1.3)
      hike (~> 1.2)
      rack (~> 1.0)
      tilt (~> 1.1, != 1.3.0)
    subexec (0.1.0)
    sunspot (1.3.2)
      pr_geohash (~> 1.0)
      rsolr (~> 1.0.7)
    sunspot-rails-tester (0.0.4)
      sunspot_rails (~> 1.2)
    sunspot_rails (1.3.2)
      nokogiri
      sunspot (= 1.3.2)
    sunspot_solr (1.3.0)
      escape (~> 0.0.4)
    thin (1.3.1)
      daemons (>= 1.0.9)
      eventmachine (>= 0.12.6)
      rack (>= 1.0.0)
    thor (0.15.2)
    tilt (1.3.3)
    treetop (1.4.10)
      polyglot
      polyglot (>= 0.3.1)
    tzinfo (0.3.33)
    uglifier (1.1.0)
      execjs (>= 0.3.0)
      multi_json (>= 1.0.2)
    unicorn (4.1.1)
      kgio (~> 2.4)
      rack
      raindrops (~> 0.6)
    warden (1.1.1)
      rack (>= 1.0)
    will_paginate (3.0.2)
    xpath (0.1.4)
      nokogiri (~> 1.3)

PLATFORMS
  ruby

DEPENDENCIES
  anjlab-bootstrap-rails (= 2.0.3.2)
  api_taster
  bootstrap-will_paginate (= 0.0.3)
  bootstrap_helper (= 1.4.1)
  cancan (~> 1.6.7)
  capistrano (= 2.9.0)
  capybara
  carrierwave (= 0.6.2)
  carrierwave-upyun (= 0.1.5)
  cells (= 3.7.1)
  chunky_png (= 1.2.5)
  coffee-rails (~> 3.2.1)
  dalli (= 1.1.1)
  database_cleaner
  devise (= 2.1.0)
  devise-async
  devise-encryptable
  exception_notification
  factory_girl_rails
  grape!
  jquery-atwho-rails (= 0.1.6)
  jquery-rails (= 2.0.1)
  md_emoji
  memcache-client (= 1.8.5)
  mini_magick (= 3.3)
  mongoid (= 3.0.0.rc)
  mongoid_auto_increment_id (= 0.5.0)
  mongoid_colored_logger!
  mongoid_rails_migrations (~> 0.0.14)
  omniauth (~> 1.0.1)
  omniauth-github (~> 1.0.0)
  pygments.rb (~> 0.2.4)
  quiet_assets (= 1.0.1)
  rails (= 3.2.6)
  rails-i18n (= 0.1.8)
  rails_autolink (>= 1.0.4)
  redcarpet (~> 2.0.0)
  redis-namespace (~> 1.0.2)
  redis-objects (= 0.5.2)
  rspec-cells
  rspec-rails (~> 2.10.0)
  ruby-github
  rvm-capistrano
  sass-rails (~> 3.2.3)
  settingslogic (~> 2.0.6)
  sidekiq (= 1.1.0)
  simple_form (= 2.0.2)
  social-share-button (~> 0.0.3)
  sprite-factory (= 1.4.1)
  sunspot-rails-tester
  sunspot_rails (~> 1.3.2)
  sunspot_solr
  thin
  uglifier (>= 1.0.3)
  unicorn
  will_paginate (= 3.0.2)
