GEM
  remote: https://ruby.taobao.org/
  specs:
    actionmailer (4.1.5)
      actionpack (= 4.1.5)
      actionview (= 4.1.5)
      mail (~> 2.5.4)
    actionpack (4.1.5)
      actionview (= 4.1.5)
      activesupport (= 4.1.5)
      rack (~> 1.5.2)
      rack-test (~> 0.6.2)
    actionpack-action_caching (1.1.1)
      actionpack (>= 4.0.0, < 5.0)
    actionview (4.1.5)
      activesupport (= 4.1.5)
      builder (~> 3.1)
      erubis (~> 2.7.0)
    activemodel (4.1.5)
      activesupport (= 4.1.5)
      builder (~> 3.1)
    activerecord (4.1.5)
      activemodel (= 4.1.5)
      activesupport (= 4.1.5)
      arel (~> 5.0.0)
    activesupport (4.1.5)
      i18n (~> 0.6, >= 0.6.9)
      json (~> 1.7, >= 1.7.7)
      minitest (~> 5.1)
      thread_safe (~> 0.1)
      tzinfo (~> 1.1)
    addressable (2.3.6)
    anjlab-bootstrap-rails (2.0.3.2)
      railties (>= 3.0)
      sass
    api_taster (0.6.0)
      bootstrap-sass (~> 2.1)
      jquery-rails
      rails (>= 3.1.0)
      redcarpet
      remotipart (~> 1.0)
      sass-rails
    arel (5.0.1.20140414130214)
    auto-space (0.0.4)
      activesupport (> 3.0.0)
    axiom-types (0.1.1)
      descendants_tracker (~> 0.0.4)
      ice_nine (~> 0.11.0)
      thread_safe (~> 0.3, >= 0.3.1)
    bcrypt (3.1.7)
    bcrypt-ruby (3.1.5)
      bcrypt (>= 3.1.3)
    bootstrap-sass (2.3.2.2)
      sass (~> 3.2)
    bootstrap-will_paginate (0.0.3)
      will_paginate
    bootstrap_helper (4.2.3)
      railties (>= 4.0.0)
      thor (~> 0.14)
      will_paginate (>= 3.0.3)
    bson (2.3.0)
    builder (3.2.2)
    cancancan (1.8.4)
    capistrano (2.9.0)
      highline
      net-scp (>= 1.0.0)
      net-sftp (>= 2.0.0)
      net-ssh (>= 2.0.14)
      net-ssh-gateway (>= 1.1.0)
    capybara (2.3.0)
      mime-types (>= 1.16)
      nokogiri (>= 1.3.3)
      rack (>= 1.0.0)
      rack-test (>= 0.5.4)
      xpath (~> 2.0)
    carrierwave (0.6.2)
      activemodel (>= 3.2.0)
      activesupport (>= 3.2.0)
    carrierwave-upyun (0.1.7)
      carrierwave (>= 0.5.7)
      rest-client (>= 1.6.7)
    cells (3.9.1)
      actionpack (>= 3.0)
      railties (>= 3.0)
    celluloid (0.15.2)
      timers (~> 1.1.0)
    chronic (0.10.2)
    chunky_png (1.2.8)
    coderay (1.1.0)
    coercible (1.0.0)
      descendants_tracker (~> 0.0.1)
    coffee-rails (4.0.1)
      coffee-script (>= 2.2.0)
      railties (>= 4.0.0, < 5.0)
    coffee-script (2.2.0)
      coffee-script-source
      execjs
    coffee-script-source (1.7.0)
    connection_pool (2.0.0)
    cookiejar (0.3.2)
    daemons (1.1.9)
    dalli (2.7.1)
    database_cleaner (1.2.0)
    descendants_tracker (0.0.4)
      thread_safe (~> 0.3, >= 0.3.1)
    devise (3.0.1)
      bcrypt-ruby (~> 3.0)
      orm_adapter (~> 0.1)
      railties (>= 3.2.6, < 5)
      warden (~> 1.2.3)
    devise-encryptable (0.1.2)
      devise (>= 2.1.0)
    diff-lcs (1.2.5)
    em-http-request (1.1.2)
      addressable (>= 2.3.4)
      cookiejar
      em-socksify (>= 0.3)
      eventmachine (>= 1.0.3)
      http_parser.rb (>= 0.6.0)
    em-socksify (0.3.0)
      eventmachine (>= 1.0.0.beta.4)
    equalizer (0.0.9)
    erubis (2.7.0)
    eventmachine (1.0.3)
    exception_notification (4.0.1)
      actionmailer (>= 3.0.4)
      activesupport (>= 3.0.4)
    execjs (2.0.2)
    factory_girl (2.3.2)
      activesupport
    factory_girl_rails (1.4.0)
      factory_girl (~> 2.3.0)
      railties (>= 3.0.0)
    faraday (0.9.0)
      multipart-post (>= 1.2, < 3)
    faye (0.8.9)
      cookiejar (>= 0.3.0)
      em-http-request (>= 0.3.0)
      eventmachine (>= 0.12.0)
      faye-websocket (>= 0.4.0)
      rack (>= 1.0.0)
      yajl-ruby (>= 1.0.0)
    faye-rails (1.0.0)
      faye (~> 0.8.2)
    faye-websocket (0.7.2)
      eventmachine (>= 0.12.0)
      websocket-driver (>= 0.3.1)
    god (0.13.4)
    grape (0.7.0)
      activesupport
      builder
      hashie (>= 1.2.0)
      multi_json (>= 1.3.2)
      multi_xml (>= 0.5.2)
      rack (>= 1.3.0)
      rack-accept
      rack-mount
      virtus (>= 1.0.0)
    grape-entity (0.4.4)
      activesupport
      multi_json (>= 1.3.2)
    hashie (1.2.0)
    highline (1.6.21)
    hike (1.2.3)
    hiredis (0.4.5)
    http_parser.rb (0.6.0)
    httpauth (0.2.1)
    i18n (0.6.11)
    ice_nine (0.11.0)
    jasmine-core (2.0.0)
    jasmine-rails (0.6.0)
      jasmine-core (>= 1.3, < 3.0)
      phantomjs
      rails (>= 3.1.0)
      sprockets-rails
    jbuilder (2.0.6)
      activesupport (>= 3.0.0, < 5)
      multi_json (~> 1.2)
    jquery-rails (3.0.4)
      railties (>= 3.0, < 5.0)
      thor (>= 0.14, < 2.0)
    jquery-turbolinks (2.0.2)
      railties (>= 3.1.0)
      turbolinks
    json (1.8.1)
    jwt (0.1.11)
      multi_json (>= 1.5)
    launchy (2.4.2)
      addressable (~> 2.3)
    letter_opener (1.2.0)
      launchy (~> 2.2)
    mail (2.5.4)
      mime-types (~> 1.16)
      treetop (~> 1.4.8)
    md_emoji (1.0.2)
      railties (>= 3.1.0)
      redcarpet (>= 2.0)
    method_source (0.8.2)
    mime-types (1.25.1)
    mini_magick (3.7.0)
      subexec (~> 0.2.1)
    minitest (5.4.0)
    mongoid (4.0.0)
      activemodel (~> 4.0)
      moped (~> 2.0.0)
      origin (~> 2.1)
      tzinfo (>= 0.3.37)
    mongoid_auto_increment_id (0.6.4)
      mongoid (>= 3.1.0, < 4.1.0)
    mongoid_rails_migrations (1.0.0)
      activesupport (>= 3.2.0)
      bundler (>= 1.0.0)
      rails (>= 3.2.0)
      railties (>= 3.2.0)
    moped (2.0.0)
      bson (~> 2.2)
      connection_pool (~> 2.0)
      optionable (~> 0.2.0)
    multi_json (1.10.1)
    multi_xml (0.5.5)
    multipart-post (2.0.0)
    net-scp (1.1.2)
      net-ssh (>= 2.6.5)
    net-sftp (2.1.2)
      net-ssh (>= 2.6.5)
    net-ssh (2.8.0)
    net-ssh-gateway (1.2.0)
      net-ssh (>= 2.6.5)
    newrelic_rpm (3.8.1.221)
    nokogiri (1.5.11)
    oauth2 (0.8.1)
      faraday (~> 0.8)
      httpauth (~> 0.1)
      jwt (~> 0.1.4)
      multi_json (~> 1.0)
      rack (~> 1.2)
    omniauth (1.0.3)
      hashie (~> 1.2)
      rack
    omniauth-github (1.1.1)
      omniauth (~> 1.0)
      omniauth-oauth2 (~> 1.1)
    omniauth-oauth2 (1.1.1)
      oauth2 (~> 0.8.0)
      omniauth (~> 1.0)
    optionable (0.2.0)
    origin (2.1.1)
    orm_adapter (0.5.0)
    phantomjs (1.9.7.0)
    polyglot (0.3.5)
    postmark (0.9.15)
      json
      rake
    postmark-rails (0.4.1)
      actionmailer
      postmark (>= 0.9.0)
      rake
    pry (0.10.1)
      coderay (~> 1.1.0)
      method_source (~> 0.8.1)
      slop (~> 3.4)
    puma (2.6.0)
      rack (>= 1.1, < 2.0)
    quiet_assets (1.0.2)
      railties (>= 3.1, < 5.0)
    rack (1.5.2)
    rack-accept (0.4.5)
      rack (>= 0.4)
    rack-cors (0.2.9)
    rack-mount (0.8.3)
      rack (>= 1.0.0)
    rack-protection (1.5.3)
      rack
    rack-test (0.6.2)
      rack (>= 1.0)
    rack-utf8_sanitizer (1.2.2)
      rack (~> 1.0)
    rails (4.1.5)
      actionmailer (= 4.1.5)
      actionpack (= 4.1.5)
      actionview (= 4.1.5)
      activemodel (= 4.1.5)
      activerecord (= 4.1.5)
      activesupport (= 4.1.5)
      bundler (>= 1.3.0, < 2.0)
      railties (= 4.1.5)
      sprockets-rails (~> 2.0)
    rails-i18n (0.1.8)
      i18n (~> 0.5)
    rails_autolink (1.1.5)
      rails (> 3.1)
    railties (4.1.5)
      actionpack (= 4.1.5)
      activesupport (= 4.1.5)
      rake (>= 0.8.7)
      thor (>= 0.18.1, < 2.0)
    rake (10.3.2)
    redcarpet (3.0.0)
    redis (3.0.7)
    redis-namespace (1.3.2)
      redis (~> 3.0.4)
    redis-objects (0.9.1)
      redis (>= 3.0.2)
    remotipart (1.2.1)
    rest-client (1.6.7)
      mime-types (>= 1.16)
    rouge (1.3.4)
    rspec-cells (0.2.1)
      cells (>= 3.4.0)
      railties (>= 3.0)
      rspec-rails (>= 2.14)
    rspec-core (3.0.2)
      rspec-support (~> 3.0.0)
    rspec-expectations (3.0.2)
      diff-lcs (>= 1.2.0, < 2.0)
      rspec-support (~> 3.0.0)
    rspec-mocks (3.0.2)
      rspec-support (~> 3.0.0)
    rspec-rails (3.0.1)
      actionpack (>= 3.0)
      activesupport (>= 3.0)
      railties (>= 3.0)
      rspec-core (~> 3.0.0)
      rspec-expectations (~> 3.0.0)
      rspec-mocks (~> 3.0.0)
      rspec-support (~> 3.0.0)
    rspec-support (3.0.2)
    rvm-capistrano (1.4.1)
      capistrano (>= 2.0.0)
    sass (3.2.19)
    sass-rails (4.0.3)
      railties (>= 4.0.0, < 5.0)
      sass (~> 3.2.0)
      sprockets (~> 2.8, <= 2.11.0)
      sprockets-rails (~> 2.0)
    settingslogic (2.0.9)
    sidekiq (2.17.7)
      celluloid (>= 0.15.2)
      connection_pool (>= 1.0.0)
      json
      redis (>= 3.0.6)
      redis-namespace (>= 1.3.1)
    simple_form (3.0.2)
      actionpack (~> 4.0)
      activemodel (~> 4.0)
    sinatra (1.4.5)
      rack (~> 1.4)
      rack-protection (~> 1.4)
      tilt (~> 1.3, >= 1.3.4)
    slop (3.6.0)
    social-share-button (0.1.5)
    sprite-factory (1.4.1)
    sprockets (2.11.0)
      hike (~> 1.2)
      multi_json (~> 1.0)
      rack (~> 1.0)
      tilt (~> 1.1, != 1.3.0)
    sprockets-rails (2.1.3)
      actionpack (>= 3.0)
      activesupport (>= 3.0)
      sprockets (~> 2.8)
    subexec (0.2.3)
    thin (1.5.0)
      daemons (>= 1.0.9)
      eventmachine (>= 0.12.6)
      rack (>= 1.0.0)
    thor (0.19.1)
    thread_safe (0.3.4)
    tilt (1.4.1)
    timers (1.1.0)
    treetop (1.4.15)
      polyglot
      polyglot (>= 0.3.1)
    turbolinks (2.2.2)
      coffee-rails
    tzinfo (1.2.2)
      thread_safe (~> 0.1)
    uglifier (2.5.0)
      execjs (>= 0.3.0)
      json (>= 1.8.0)
    virtus (1.0.3)
      axiom-types (~> 0.1)
      coercible (~> 1.0)
      descendants_tracker (~> 0.0, >= 0.0.3)
      equalizer (~> 0.0, >= 0.0.9)
    warden (1.2.3)
      rack (>= 1.0)
    websocket-driver (0.3.2)
    whenever (0.9.2)
      activesupport (>= 2.3.4)
      chronic (>= 0.6.3)
    will_paginate (3.0.4)
    xpath (2.0.0)
      nokogiri (~> 1.3)
    yajl-ruby (1.2.0)

PLATFORMS
  ruby

DEPENDENCIES
  actionpack-action_caching (= 1.1.1)
  anjlab-bootstrap-rails (= 2.0.3.2)
  api_taster (= 0.6.0)
  auto-space (= 0.0.4)
  bootstrap-will_paginate (= 0.0.3)
  bootstrap_helper (= 4.2.3)
  cancancan (~> 1.8.4)
  capistrano (= 2.9.0)
  capybara (~> 2.3.0)
  carrierwave (= 0.6.2)
  carrierwave-upyun (= 0.1.7)
  cells (~> 3.9.1)
  chunky_png (= 1.2.8)
  coffee-rails (~> 4.0.0)
  dalli (= 2.7.1)
  database_cleaner
  devise (= 3.0.1)
  devise-encryptable (= 0.1.2)
  eventmachine (= 1.0.3)
  exception_notification
  factory_girl_rails (= 1.4.0)
  faye-rails (= 1.0.0)
  god
  grape (= 0.7.0)
  grape-entity (= 0.4.4)
  hiredis (~> 0.4.5)
  jasmine-rails (~> 0.6.0)
  jbuilder (~> 2.0.2)
  jquery-rails (= 3.0.4)
  jquery-turbolinks (~> 2.0.2)
  letter_opener
  md_emoji (= 1.0.2)
  mini_magick (= 3.7.0)
  mongoid (= 4.0.0)
  mongoid_auto_increment_id (= 0.6.4)
  mongoid_rails_migrations (= 1.0.0)
  newrelic_rpm
  nokogiri (~> 1.5.6)
  omniauth (~> 1.0.1)
  omniauth-github (~> 1.1.0)
  postmark (= 0.9.15)
  postmark-rails (= 0.4.1)
  pry
  puma (= 2.6.0)
  quiet_assets (~> 1.0.2)
  rack-cors
  rack-utf8_sanitizer
  rails (= 4.1.5)
  rails-i18n (= 0.1.8)
  rails_autolink (>= 1.1.0)
  redcarpet (~> 3.0.0)
  redis-namespace (~> 1.3.1)
  redis-objects (= 0.9.1)
  rouge (~> 1.3.4)
  rspec-cells (~> 0.2.1)
  rspec-rails (~> 3.0.1)
  rvm-capistrano
  sass-rails (~> 4.0.2)
  settingslogic (~> 2.0.9)
  sidekiq (= 2.17.7)
  simple_form (= 3.0.2)
  sinatra (>= 1.3.0)
  social-share-button (= 0.1.5)
  sprite-factory (= 1.4.1)
  thin (= 1.5.0)
  turbolinks (~> 2.2.2)
  uglifier (>= 1.3.0)
  whenever
  will_paginate (= 3.0.4)
